GIT
  remote: git://github.com/RDBI/rdbi-driver-postgresql.git
  revision: 216a0040f2dcac077b2905b7b32e7b5e283e279d
  specs:
    rdbi-driver-postgresql (0.9.1)
      epoxy (>= 0.3.1)
      methlab
      pg (= 0.9.0)
      rdbi

GIT
  remote: git://github.com/RDBI/rdbi.git
  revision: e5accb27a99f314db1474f5bb01538b4d2ccb26a
  specs:
    rdbi (0.9.1)
      epoxy (>= 0.3.1)
      methlab (>= 0.0.9)
      typelib

GEM
  remote: http://rubygems.org/
  specs:
    bacon (1.1.0)
    epoxy (0.3.1)
    metaid (1.0)
    methlab (0.1.0)
    pg (0.9.0)
    rake (0.8.7)
    typelib (0.1.0)

PLATFORMS
  ruby

DEPENDENCIES
  bacon
  metaid
  rake
  rdbi!
  rdbi-driver-postgresql!
