GIT
  remote: git://github.com/RDBI/rdbi-driver-mysql.git
  revision: fe717ab0f8fab7f6dba1f78145a6cc7146c3b27d
  specs:
    rdbi-driver-mysql (0.9.2)
      mysql (>= 2.8.1)
      rdbi

GIT
  remote: git://github.com/RDBI/rdbi.git
  revision: e5accb27a99f314db1474f5bb01538b4d2ccb26a
  ref: pre-sth-leak
  specs:
    rdbi (0.9.1)
      epoxy (>= 0.3.1)
      methlab (>= 0.0.9)
      typelib

GEM
  remote: http://rubygems.org/
  specs:
    bacon (1.1.0)
    epoxy (0.3.1)
    metaid (1.0)
    methlab (0.1.0)
    mysql (2.8.1)
    pg (0.15.1)
    rake (0.8.7)
    rdbi-driver-postgresql (0.9.2)
      pg (>= 0.10.0)
      rdbi
    rdbi-driver-sqlite3 (0.9.1)
      epoxy (>= 0.3.1)
      methlab
      rdbi
      sqlite3-ruby (~> 1.3)
    sqlite3 (1.3.3)
    sqlite3-ruby (1.3.3)
      sqlite3 (>= 1.3.3)
    typelib (0.1.0)

PLATFORMS
  ruby

DEPENDENCIES
  bacon
  metaid
  rake
  rdbi!
  rdbi-driver-mysql!
  rdbi-driver-postgresql
  rdbi-driver-sqlite3
